GEM
  remote: http://rubygems.org/
  specs:
    coderay (1.0.9)
    faker (1.1.2)
      i18n (~> 0.5)
    haml (4.0.2)
      tilt
    i18n (0.6.4)
    json (1.7.7)
    method_source (0.8.1)
    pry (0.9.12.1)
      coderay (~> 1.0.5)
      method_source (~> 0.8)
      slop (~> 3.4)
    rack (1.5.2)
    rack-protection (1.5.0)
      rack
    sinatra (1.4.2)
      rack (~> 1.5, >= 1.5.2)
      rack-protection (~> 1.4)
      tilt (~> 1.3, >= 1.3.4)
    slop (3.4.4)
    tilt (1.4.0)

PLATFORMS
  ruby

DEPENDENCIES
  faker
  haml
  json
  pry
  sinatra
